GEM
  remote: https://rubygems.org/
  specs:
    base32 (0.3.2)
    corefoundation (0.2.0)
      ffi
    ffi (1.9.17)
    openssl (2.0.3)
    ruby-keychain (0.3.2)
      corefoundation (~> 0.2.0)
      ffi

PLATFORMS
  ruby

DEPENDENCIES
  base32
  openssl
  ruby-keychain

BUNDLED WITH
   1.14.4
